GEM
  remote: http://rubygems.org/
  specs:
    abstract (1.0.0)
    actionmailer (3.0.9)
      actionpack (= 3.0.9)
      mail (~> 2.2.19)
    actionpack (3.0.9)
      activemodel (= 3.0.9)
      activesupport (= 3.0.9)
      builder (~> 2.1.2)
      erubis (~> 2.6.6)
      i18n (~> 0.5.0)
      rack (~> 1.2.1)
      rack-mount (~> 0.6.14)
      rack-test (~> 0.5.7)
      tzinfo (~> 0.3.23)
    activemodel (3.0.9)
      activesupport (= 3.0.9)
      builder (~> 2.1.2)
      i18n (~> 0.5.0)
    activerecord (3.0.9)
      activemodel (= 3.0.9)
      activesupport (= 3.0.9)
      arel (~> 2.0.10)
      tzinfo (~> 0.3.23)
    activeresource (3.0.9)
      activemodel (= 3.0.9)
      activesupport (= 3.0.9)
    activesupport (3.0.9)
    arel (2.0.10)
    bcrypt-ruby (2.1.4)
    builder (2.1.2)
    cancan (1.6.7)
    capistrano (2.9.0)
      highline
      net-scp (>= 1.0.0)
      net-sftp (>= 2.0.0)
      net-ssh (>= 2.0.14)
      net-ssh-gateway (>= 1.1.0)
    carrierwave (0.5.7)
      activesupport (~> 3.0)
    ckeditor (3.6.2)
      mime-types (~> 1.16)
      orm_adapter (~> 0.0.5)
    daemons (1.1.4)
    devise (1.3.4)
      bcrypt-ruby (~> 2.1.2)
      orm_adapter (~> 0.0.3)
      warden (~> 1.0.3)
    erubis (2.6.6)
      abstract (>= 1.0.0)
    eventmachine (0.12.10)
    highline (1.6.2)
    i18n (0.5.0)
    jquery-rails (1.0.14)
      railties (~> 3.0)
      thor (~> 0.14)
    json (1.6.1)
    kgio (2.6.0)
    mail (2.2.19)
      activesupport (>= 2.3.6)
      i18n (>= 0.4.0)
      mime-types (~> 1.16)
      treetop (~> 1.4.8)
    mime-types (1.16)
    mini_magick (3.3)
      subexec (~> 0.1.0)
    mysql2 (0.2.13)
    nested_form (0.1.1)
    net-scp (1.0.4)
      net-ssh (>= 1.99.1)
    net-sftp (2.0.5)
      net-ssh (>= 2.0.9)
    net-ssh (2.2.1)
    net-ssh-gateway (1.1.0)
      net-ssh (>= 1.99.1)
    orm_adapter (0.0.5)
    polyglot (0.3.2)
    rack (1.2.4)
    rack-mount (0.6.14)
      rack (>= 1.0.0)
    rack-test (0.5.7)
      rack (>= 1.0)
    rails (3.0.9)
      actionmailer (= 3.0.9)
      actionpack (= 3.0.9)
      activerecord (= 3.0.9)
      activeresource (= 3.0.9)
      activesupport (= 3.0.9)
      bundler (~> 1.0)
      railties (= 3.0.9)
    railties (3.0.9)
      actionpack (= 3.0.9)
      activesupport (= 3.0.9)
      rdoc (~> 3.4)
      thor (~> 0.14.4)
    raindrops (0.7.0)
    rake (0.8.7)
    rdoc (3.10)
      json (~> 1.4)
    sqlite3 (1.3.4)
    subexec (0.1.0)
    thin (1.2.11)
      daemons (>= 1.0.9)
      eventmachine (>= 0.12.6)
      rack (>= 1.0.0)
    thor (0.14.6)
    treetop (1.4.10)
      polyglot
      polyglot (>= 0.3.1)
    tzinfo (0.3.30)
    unicorn (4.1.1)
      kgio (~> 2.4)
      rack
      raindrops (~> 0.6)
    warden (1.0.6)
      rack (>= 1.0)

PLATFORMS
  ruby

DEPENDENCIES
  cancan
  capistrano
  carrierwave
  ckeditor
  devise (= 1.3.4)
  jquery-rails (>= 1.0.12)
  mini_magick
  mysql2 (< 0.3)
  nested_form
  rack
  rails (= 3.0.9)
  rake (= 0.8.7)
  sqlite3
  thin
  unicorn
